GEM
  remote: https://rubygems.org/
  specs:
    bourbon (5.1.0)
      sass (~> 3.4)
      thor (~> 0.19)
    coffee-script (2.4.1)
      coffee-script-source
      execjs
    coffee-script-source (1.12.2)
    concurrent-ruby (1.1.4)
    execjs (2.7.0)
    ffi (1.9.25)
    mustermann (1.0.3)
    puma (3.12.0)
    rack (2.0.6)
    rack-protection (2.0.5)
      rack
    rb-fsevent (0.10.3)
    rb-inotify (0.10.0)
      ffi (~> 1.0)
    sass (3.7.2)
      sass-listen (~> 4.0.0)
    sass-listen (4.0.0)
      rb-fsevent (~> 0.9, >= 0.9.4)
      rb-inotify (~> 0.9, >= 0.9.7)
    shotgun (0.9.2)
      rack (>= 1.0)
    sinatra (2.0.5)
      mustermann (~> 1.0)
      rack (~> 2.0)
      rack-protection (= 2.0.5)
      tilt (~> 2.0)
    sprockets (3.7.2)
      concurrent-ruby (~> 1.0)
      rack (> 1, < 3)
    sprockets-sass (2.0.0.beta2)
      sprockets (>= 2.0, < 4.0)
    thor (0.20.3)
    tilt (2.0.9)

PLATFORMS
  ruby

DEPENDENCIES
  bourbon
  coffee-script
  puma
  sass
  shotgun
  sinatra
  sprockets
  sprockets-sass

RUBY VERSION
   ruby 2.5.3p105

BUNDLED WITH
   1.17.2
